GEM
  remote: https://rubygems.org/
  specs:
    airbrussh (1.5.3)
      sshkit (>= 1.6.1, != 1.7.0)
    base64 (0.3.0)
    bcrypt_pbkdf (1.1.1-arm64-darwin)
    capistrano (3.17.3)
      airbrussh (>= 1.0.0)
      i18n
      rake (>= 10.0.0)
      sshkit (>= 1.9.0)
    concurrent-ruby (1.3.5)
    dotenv (3.1.8)
    ed25519 (1.4.0)
    i18n (1.14.7)
      concurrent-ruby (~> 1.0)
    logger (1.7.0)
    net-scp (4.1.0)
      net-ssh (>= 2.6.5, < 8.0.0)
    net-sftp (4.0.0)
      net-ssh (>= 5.0.0, < 8.0.0)
    net-ssh (7.2.3)
    ostruct (0.6.3)
    rake (13.3.0)
    sshkit (1.24.0)
      base64
      logger
      net-scp (>= 1.1.2)
      net-sftp (>= 2.1.2)
      net-ssh (>= 2.8.0)
      ostruct
    uri (0.12.4)

PLATFORMS
  arm64-darwin

DEPENDENCIES
  bcrypt_pbkdf (~> 1.0)
  capistrano (~> 3.17.3)
  dotenv (~> 3.1.4)
  ed25519 (~> 1.2)
  net-ssh (~> 7.2.0)
  uri (~> 0.12.3)

BUNDLED WITH
   2.5.22
